GIT
  remote: git://github.com/jnunemaker/httparty.git
  revision: 49086d1ee3199ff8739ee72a98275a8ecee0efa9
  specs:
    httparty (0.12.0)
      json (~> 1.8)
      multi_xml (>= 0.5.2)

GEM
  remote: https://rubygems.org/
  specs:
    dotenv (0.9.0)
    json (1.8.1)
    mini_portile (0.5.1)
    multi_xml (0.5.5)
    nokogiri (1.6.0)
      mini_portile (~> 0.5.0)
    rack (1.5.2)
    rack-flash3 (1.0.5)
      rack
    rack-protection (1.5.1)
      rack
    rake (10.1.0)
    sinatra (1.4.4)
      rack (~> 1.4)
      rack-protection (~> 1.4)
      tilt (~> 1.3, >= 1.3.4)
    tilt (1.4.1)

PLATFORMS
  ruby

DEPENDENCIES
  dotenv (~> 0.9.0)
  httparty!
  nokogiri
  rack (~> 1.5.2)
  rack-flash3 (~> 1.0.5)
  rake (~> 10.1.0)
  sinatra (~> 1.4.3)
